GEM
  remote: https://rubygems.org/
  specs:
    bcrypt (3.1.18)
    erubi (1.10.0)
    nio4r (2.5.8)
    puma (5.2.2)
      nio4r (~> 2.0)
    rack (2.2.4)
    rack-cors (1.1.1)
      rack (>= 2.0.0)
    rake (13.0.6)
    roda (3.62.0)
      rack
    sequel (5.37.0)
    sqlite3 (1.4.4)
    tilt (2.0.11)

PLATFORMS
  arm64-darwin-21

DEPENDENCIES
  bcrypt (~> 3.1.13)
  bundler (~> 2.3.25)
  erubi (~> 1.10.0)
  puma (~> 5.2.0)
  rack (~> 2.2.0)
  rack-cors (~> 1.1.1)
  rake (~> 13.0.1)
  roda (~> 3.62.0)
  sequel (~> 5.37.0)
  sqlite3 (~> 1.4.0)
  tilt (~> 2.0.10)

BUNDLED WITH
   2.3.25
